{
  "CapManufacturer": "g.tec medical engineering GmbH",
  "CapManufacturersModelName": "g.GAMMAcap2",
  "EEGChannelCount": 122,
  "EEGPlacementScheme": "International 10-10",
  "EEGReference": "Average, or channel A1 placed on left ear, or channel A2 placed on right ear",
  "EOGChannelCount": 4,
  "HardwareFilters": "n/a",
  "InstitutionAddress": "Gothenburg, Sweden",
  "InstitutionName": "Chalmers University of Technology",
  "InstitutionalDepartmentName": "Department of Electrical Engineering",
  "Instructions": "Subjects were instructed to stare at a white cross on a black background displayed in front of them on a screen while sitting comfortably on a chair in a quiet room",
  "Manufacturer": "g.tec medical engineering GmbH",
  "ManufacturersModelName": "g.HIamp ( HR-2016.12.03 )",
  "PowerLineFrequency": 50,
  "REFChannelCount": 2,
  "RecordingDuration": 388.07958333333329,
  "RecordingType": "continuous",
  "SamplingFrequency": 2400,
  "SoftwareFilters": "n/a",
  "SoftwareVersions": "0.3",
  "TaskDescription": "Resting state with eyes Open",
  "TaskName": "EYESOPEN",
  "DeviceSerialNumber": "unknown",
  "CogAtlasID": "rest eyes open",
  "CogPOID": "Rest",
  "ECGChannelCount": 0,
  "EMGChannelCount": 0
}